GEM
  remote: https://rubygems.org/
  specs:
    backports (3.6.4)
    eventmachine (1.0.3)
    highline (1.6.20)
    monkey-lib (0.5.4)
      backports
    multi_json (1.10.1)
    open4 (1.3.4)
    rack (1.5.2)
    rack-protection (1.5.3)
      rack
    rack-test (0.6.2)
      rack (>= 1.0)
    rpam-ruby19 (1.2.1)
    sinatra (1.4.5)
      rack (~> 1.4)
      rack-protection (~> 1.4)
      tilt (~> 1.3, >= 1.3.4)
    sinatra-contrib (1.4.2)
      backports (>= 2.0)
      multi_json
      rack-protection
      rack-test
      sinatra (~> 1.4.0)
      tilt (~> 1.3)
    sinatra-sugar (0.5.1)
      monkey-lib (~> 0.5.0)
      sinatra (~> 1.0)
    tilt (1.4.1)

PLATFORMS
  ruby

DEPENDENCIES
  backports
  eventmachine
  highline
  monkey-lib
  multi_json
  open4
  rack
  rack-protection
  rack-test
  rpam-ruby19
  sinatra
  sinatra-contrib
  sinatra-sugar
  tilt
